GEM
  remote: http://rubygems.org/
  specs:
    diff-lcs (1.1.2)
    gccxml_gem (0.9.3)
    mocha (0.9.10)
      rake
    nokogiri (1.4.4)
    rake (0.8.7)
    rspec (2.0.1)
      rspec-core (~> 2.0.1)
      rspec-expectations (~> 2.0.1)
      rspec-mocks (~> 2.0.1)
    rspec-core (2.0.1)
    rspec-expectations (2.0.1)
      diff-lcs (>= 1.1.2)
    rspec-mocks (2.0.1)
      rspec-core (~> 2.0.1)
      rspec-expectations (~> 2.0.1)

PLATFORMS
  ruby

DEPENDENCIES
  gccxml_gem (~> 0.9.0)
  mocha
  nokogiri (~> 1.4.0)
  rspec (~> 2.0.0.beta)
