GEM
  remote: http://rubygems.org/
  specs:
    diff-lcs (1.1.2)
    gccxml_gem (0.9.3)
    mocha (0.9.10)
      rake
    nokogiri (1.4.4)
    rake (0.8.7)
    rdoc (3.9.2)
    rspec (2.3.0)
      rspec-core (~> 2.3.0)
      rspec-expectations (~> 2.3.0)
      rspec-mocks (~> 2.3.0)
    rspec-core (2.3.1)
    rspec-expectations (2.3.0)
      diff-lcs (~> 1.1.2)
    rspec-mocks (2.3.0)

PLATFORMS
  ruby

DEPENDENCIES
  gccxml_gem (~> 0.9.0)
  mocha
  nokogiri (~> 1.4.0)
  rake
  rdoc
  rspec (~> 2.3.0)
